GIT
  remote: https://github.com/onshi/lazy_loader_ruby
  revision: 0065dc4c435aaad22da7086b5d0f24d6b9889949
  specs:
    lazy_loader (2.0.20140328.22.37.12)

PATH
  remote: .
  specs:
    smartystreets (0.1.20141107.14.41.49)
      awesome_print
      httparty
      lazy_loader
      multi_json

GEM
  remote: https://rubygems.org/
  specs:
    awesome_print (1.8.0)
    diff-lcs (1.2.5)
    docile (1.1.5)
    httparty (0.17.0)
      mime-types (~> 3.0)
      multi_xml (>= 0.5.2)
    mime-types (3.2.2)
      mime-types-data (~> 3.2015)
    mime-types-data (3.2019.0331)
    multi_json (1.11.0)
    multi_xml (0.6.0)
    rake (10.4.2)
    rspec (3.2.0)
      rspec-core (~> 3.2.0)
      rspec-expectations (~> 3.2.0)
      rspec-mocks (~> 3.2.0)
    rspec-core (3.2.2)
      rspec-support (~> 3.2.0)
    rspec-expectations (3.2.0)
      diff-lcs (>= 1.2.0, < 2.0)
      rspec-support (~> 3.2.0)
    rspec-mocks (3.2.1)
      diff-lcs (>= 1.2.0, < 2.0)
      rspec-support (~> 3.2.0)
    rspec-support (3.2.2)
    simplecov (0.9.2)
      docile (~> 1.1.0)
      multi_json (~> 1.0)
      simplecov-html (~> 0.9.0)
    simplecov-html (0.9.0)
    yard (0.8.7.6)

PLATFORMS
  java
  ruby

DEPENDENCIES
  lazy_loader!
  rake
  rspec
  simplecov
  smartystreets!
  yard

BUNDLED WITH
   1.17.3
